GEM
  remote: https://rubygems.org/
  specs:
    backports (3.15.0)
    googlebooks (0.0.9)
      httparty
    httparty (0.16.2)
      multi_xml (>= 0.5.2)
    multi_json (1.14.1)
    multi_xml (0.6.0)
    mustermann (1.0.3)
    rack (2.0.7)
    rack-protection (2.0.7)
      rack
    sinatra (2.0.7)
      mustermann (~> 1.0)
      rack (~> 2.0)
      rack-protection (= 2.0.7)
      tilt (~> 2.0)
    sinatra-contrib (2.0.7)
      backports (>= 2.8.2)
      multi_json
      mustermann (~> 1.0)
      rack-protection (= 2.0.7)
      sinatra (= 2.0.7)
      tilt (~> 2.0)
    tilt (2.0.10)

PLATFORMS
  ruby

DEPENDENCIES
  googlebooks!
  sinatra-contrib!

BUNDLED WITH
   1.16.1
