GEM
  remote: https://rubygems.org/
  specs:
    googlebooks (0.0.9)
      httparty
    httparty (0.16.2)
      multi_xml (>= 0.5.2)
    multi_xml (0.6.0)
    mustermann (1.0.2)
    rack (2.0.4)
    rack-protection (2.0.1)
      rack
    sinatra (2.0.1)
      mustermann (~> 1.0)
      rack (~> 2.0)
      rack-protection (= 2.0.1)
      tilt (~> 2.0)
    tilt (2.0.8)

PLATFORMS
  ruby

DEPENDENCIES
  googlebooks!
  sinatra!

BUNDLED WITH
   1.16.1
